GEM
  remote: https://rubygems.org/
  specs:
    epubcheck (3.0.1)
    md2review (1.2.0)
      redcarpet (> 2.0.0)
    redcarpet (3.2.2)
    review (1.4.0)

PLATFORMS
  ruby

DEPENDENCIES
  epubcheck
  md2review
  review
